GEM
  remote: http://rubygems.org/
  specs:
    RedCloth (4.2.9)
    addressable (2.3.4)
    babosa (0.3.11)
    chunky_png (1.2.5)
    classifier (1.3.3)
      fast-stemmer (>= 1.0.0)
    columnize (0.3.6)
    compass (0.12.2)
      chunky_png (~> 1.2)
      fssm (>= 0.2.7)
      sass (~> 3.1)
    debugger (1.5.0)
      columnize (>= 0.3.1)
      debugger-linecache (~> 1.2.0)
      debugger-ruby_core_source (~> 1.2.0)
    debugger-linecache (1.2.0)
    debugger-ruby_core_source (1.2.0)
    directory_watcher (1.4.1)
    excon (0.16.1)
    execjs (1.4.0)
      multi_json (~> 1.0)
    fast-stemmer (1.0.1)
    fssm (0.2.9)
    haml (3.1.7)
    heroku (2.30.5)
      heroku-api (~> 0.3.4)
      launchy (>= 0.3.2)
      netrc (~> 0.7.7)
      rest-client (~> 1.6.1)
      rubyzip
    heroku-api (0.3.4)
      excon (~> 0.16.1)
    hike (1.2.3)
    jekyll (0.12.0)
      classifier (~> 1.3)
      directory_watcher (~> 1.1)
      kramdown (~> 0.13.4)
      liquid (~> 2.3)
      maruku (~> 0.5)
      pygments.rb (~> 0.3.2)
    jekyll-assets (0.4.2)
      jekyll (< 1.0.0)
      sprockets (~> 2.9)
    kgio (2.8.0)
    kramdown (0.13.8)
    launchy (2.1.2)
      addressable (~> 2.3)
    liquid (2.3.0)
    maruku (0.6.1)
      syntax (>= 1.0.0)
    mime-types (1.21)
    multi_json (1.7.7)
    netrc (0.7.7)
    posix-spawn (0.3.6)
    pygmentize (0.0.3)
    pygments.rb (0.3.4)
      posix-spawn (~> 0.3.6)
      yajl-ruby (~> 1.1.0)
    rack (1.5.2)
    rack-jekyll (0.4.1)
      jekyll (>= 0.12.0, < 2.0)
      rack (~> 1.5.0)
    rack-protection (1.5.0)
      rack
    rack-subdomain (0.3.0)
      rack (>= 1.2.0, <= 2.0.0)
    rackables (0.3.0)
      rack
    raindrops (0.11.0)
    rake (0.9.2.2)
    rb-fsevent (0.9.1)
    rdiscount (2.0.7.3)
    rest-client (1.6.7)
      mime-types (>= 1.16)
    rubypants (0.2.0)
    rubyzip (0.9.9)
    sass (3.1.20)
    sinatra (1.4.2)
      rack (~> 1.5, >= 1.5.2)
      rack-protection (~> 1.4)
      tilt (~> 1.3, >= 1.3.4)
    sprockets (2.10.0)
      hike (~> 1.2)
      multi_json (~> 1.0)
      rack (~> 1.0)
      tilt (~> 1.1, != 1.3.0)
    stringex (1.4.0)
    syntax (1.0.0)
    thor (0.18.1)
    tilt (1.3.7)
    uglifier (2.1.0)
      execjs (>= 0.3.0)
      multi_json (~> 1.0, >= 1.0.2)
    unicorn (4.6.3)
      kgio (~> 2.6)
      rack
      raindrops (~> 0.7)
    yajl-ruby (1.1.0)

PLATFORMS
  ruby

DEPENDENCIES
  RedCloth
  babosa
  compass
  debugger
  haml
  heroku
  jekyll
  jekyll-assets
  liquid
  pygmentize
  rack
  rack-jekyll
  rack-subdomain
  rackables
  rake
  rb-fsevent
  rdiscount
  rubypants
  sinatra
  stringex
  thor
  uglifier
  unicorn
